GEM
  remote: https://rubygems.org/
  specs:
    activemodel (3.2.9)
      activesupport (= 3.2.9)
      builder (~> 3.0.0)
    activesupport (3.2.9)
      i18n (~> 0.6)
      multi_json (~> 1.0)
    addressable (2.3.2)
    akami (1.2.0)
      gyoku (>= 0.4.0)
      nokogiri (>= 1.4.0)
    builder (3.0.4)
    crack (0.3.2)
    diff-lcs (1.2.4)
    equivalent-xml (0.3.0)
      nokogiri (>= 1.4.3)
    erubis (2.7.0)
    faraday (0.8.4)
      multipart-post (~> 1.1)
    faraday_middleware (0.8.8)
      faraday (>= 0.7.4, < 0.9)
    forgery (0.5.0)
    gemfury (0.4.10)
      faraday (>= 0.7.4, < 0.9)
      faraday_middleware (>= 0.7, < 0.9)
      highline (~> 1.6.0)
      multi_json (>= 1.0.2, < 1.4)
      thor (>= 0.14.0, < 1.0)
    git (1.2.5)
    gyoku (1.0.0)
      builder (>= 2.1.2)
    highline (1.6.15)
    httpi (2.0.2)
      rack
    i18n (0.6.1)
    jeweler (1.6.4)
      bundler (~> 1.0)
      git (>= 1.2.5)
      rake
    json_pure (1.7.5)
    multi_json (1.3.7)
    multipart-post (1.1.5)
    nokogiri (1.5.6)
    nori (2.0.3)
    rack (1.5.1)
    rake (10.0.3)
    reek (1.2.13)
      ripper_ruby_parser (~> 0.0.7)
      ruby2ruby (~> 1.2.5)
      ruby_parser (~> 2.0)
      sexp_processor (~> 3.0)
    ripper_ruby_parser (0.0.8)
      sexp_processor (~> 3.0)
    rmagick (2.13.2)
    roodi (2.1.0)
      ruby_parser
    rspec (2.13.0)
      rspec-core (~> 2.13.0)
      rspec-expectations (~> 2.13.0)
      rspec-mocks (~> 2.13.0)
    rspec-core (2.13.1)
    rspec-expectations (2.13.0)
      diff-lcs (>= 1.1.3, < 2.0)
    rspec-mocks (2.13.1)
    ruby2ruby (1.2.5)
      ruby_parser (~> 2.0)
      sexp_processor (~> 3.0)
    ruby_parser (2.3.1)
      sexp_processor (~> 3.0)
    savon (2.1.0)
      akami (~> 1.2.0)
      builder (>= 2.1.2)
      gyoku (~> 1.0.0)
      httpi (~> 2.0.2)
      nokogiri (>= 1.4.0)
      nori (~> 2.0.3)
      wasabi (~> 3.0.0)
    sexp_processor (3.2.0)
    simplecov (0.7.1)
      multi_json (~> 1.0)
      simplecov-html (~> 0.7.1)
    simplecov-html (0.7.1)
    thor (0.16.0)
    timecop (0.5.9.1)
    wasabi (3.0.0)
      httpi (~> 2.0)
      nokogiri (>= 1.4.0)
    webmock (1.9.0)
      addressable (>= 2.2.7)
      crack (>= 0.1.7)
    yard (0.6.8)

PLATFORMS
  ruby

DEPENDENCIES
  activemodel (~> 3.1)
  activesupport (~> 3.1)
  bundler
  equivalent-xml
  erubis
  forgery
  gemfury
  jeweler (~> 1.6.4)
  json_pure
  reek (~> 1.2.8)
  rmagick
  roodi (~> 2.1.0)
  rspec (~> 2.13.0)
  savon (~> 2.1)
  simplecov
  timecop
  webmock
  yard (~> 0.6.0)
